GEM
  remote: https://rubygems.org/
  specs:
    asciidoctor (1.5.7.1)
    asciidoctor-diagram (1.5.9)
      asciidoctor (~> 1.5.0)
    asciidoctor-revealjs (1.1.3)
      asciidoctor (~> 1.5.6)
      thread_safe (~> 0.3.5)
    json (2.1.0)
    json (2.1.0-java)
    thread_safe (0.3.6)
    thread_safe (0.3.6-java)

PLATFORMS
  java
  ruby

DEPENDENCIES
  asciidoctor-diagram
  asciidoctor-revealjs
  json

BUNDLED WITH
   1.16.2
